GEM
  remote: https://rubygems.org/
  specs:
    mini_portile2 (2.1.0)
    nokogiri (1.7.1)
      mini_portile2 (~> 2.1.0)
    open_uri_redirections (0.2.1)
    openssl (2.0.3)

PLATFORMS
  ruby

DEPENDENCIES
  nokogiri
  open_uri_redirections
  openssl

BUNDLED WITH
   1.11.2
